GEM
  remote: https://rubygems.org/
  specs:
    highline (1.6.21)
    librarian (0.1.2)
      highline
      thor (~> 0.15)
    thor (0.19.1)

PLATFORMS
  ruby

DEPENDENCIES
  librarian
